GEM
  remote: https://rubygems.org/
  specs:
    httparty (0.16.2)
      multi_xml (>= 0.5.2)
    multi_xml (0.6.0)
    thor (0.20.0)

PLATFORMS
  ruby

DEPENDENCIES
  httparty
  thor (~> 0.20)

BUNDLED WITH
   1.16.2
